GEM
  remote: https://rubygems.org/
  specs:
    parallel (1.12.0)
    progressbar (1.8.2)

PLATFORMS
  ruby

DEPENDENCIES
  parallel
  progressbar

BUNDLED WITH
   1.14.6
